PATH
  remote: .
  specs:
    postgres_to_redshift (0.1.2)
      aws-sdk-v1 (~> 1.54)
      pg (~> 0.18.0)

GEM
  remote: https://rubygems.org/
  specs:
    aws-sdk-v1 (1.67.0)
      json (~> 1.4)
      nokogiri (~> 1)
    diff-lcs (1.3)
    json (1.8.6)
    mini_portile2 (2.1.0)
    nokogiri (1.7.1)
      mini_portile2 (~> 2.1.0)
    pg (0.18.4)
    rake (12.0.0)
    rspec (3.6.0)
      rspec-core (~> 3.6.0)
      rspec-expectations (~> 3.6.0)
      rspec-mocks (~> 3.6.0)
    rspec-core (3.6.0)
      rspec-support (~> 3.6.0)
    rspec-expectations (3.6.0)
      diff-lcs (>= 1.2.0, < 2.0)
      rspec-support (~> 3.6.0)
    rspec-mocks (3.6.0)
      diff-lcs (>= 1.2.0, < 2.0)
      rspec-support (~> 3.6.0)
    rspec-support (3.6.0)

PLATFORMS
  ruby

DEPENDENCIES
  bundler (~> 1.6)
  postgres_to_redshift!
  rake
  rspec

BUNDLED WITH
   1.14.6
